PATH
  remote: .
  specs:
    cogbot (0.1.1)
      cinch (~> 2.2.2)
      daemons (~> 1.1.9)
      eventmachine (~> 1.0.4)
      eventmachine_httpserver (~> 0.2.1)
      fortune_gem (~> 0.0.8)
      json (~> 1.8.1)
      nokogiri (~> 1.6.5)
      thor (~> 0.19.1)
      twitter (~> 5.13.0)
      yajl-ruby (~> 1.2.1)

GEM
  remote: https://rubygems.org/
  specs:
    addressable (2.3.6)
    awesome_print (1.6.1)
    buftok (0.2.0)
    cinch (2.2.3)
    coderay (1.1.0)
    daemons (1.1.9)
    docile (1.1.5)
    equalizer (0.0.9)
    eventmachine (1.0.4)
    eventmachine_httpserver (0.2.1)
    faraday (0.9.1)
      multipart-post (>= 1.2, < 3)
    flog (4.3.1)
      ruby_parser (~> 3.1, > 3.1.0)
      sexp_processor (~> 4.4)
    fortune_gem (0.0.8)
    http (0.6.3)
      http_parser.rb (~> 0.6.0)
    http_parser.rb (0.6.0)
    json (1.8.2)
    memoizable (0.4.2)
      thread_safe (~> 0.3, >= 0.3.1)
    method_source (0.8.2)
    mini_portile (0.6.2)
    minitest (5.5.1)
    minitest-ci (3.0.3)
      minitest (~> 5.0, >= 5.0.6)
    multi_json (1.10.1)
    multipart-post (2.0.0)
    naught (1.0.0)
    nokogiri (1.6.6.2)
      mini_portile (~> 0.6.0)
    pry (0.10.1)
      coderay (~> 1.1.0)
      method_source (~> 0.8.1)
      slop (~> 3.4)
    rake (10.4.2)
    ruby_parser (3.6.4)
      sexp_processor (~> 4.1)
    sexp_processor (4.4.5)
    simple_oauth (0.3.1)
    simplecov (0.9.1)
      docile (~> 1.1.0)
      multi_json (~> 1.0)
      simplecov-html (~> 0.8.0)
    simplecov-html (0.8.0)
    simplecov-rcov (0.2.3)
      simplecov (>= 0.4.1)
    slop (3.6.0)
    thor (0.19.1)
    thread_safe (0.3.4)
    twitter (5.13.0)
      addressable (~> 2.3)
      buftok (~> 0.2.0)
      equalizer (~> 0.0.9)
      faraday (~> 0.9.0)
      http (~> 0.6.0)
      http_parser.rb (~> 0.6.0)
      json (~> 1.8)
      memoizable (~> 0.4.0)
      naught (~> 1.0)
      simple_oauth (~> 0.3.0)
    yajl-ruby (1.2.1)

PLATFORMS
  ruby

DEPENDENCIES
  awesome_print
  cogbot!
  flog
  minitest
  minitest-ci
  pry
  rake
  simplecov
  simplecov-rcov
