PATH
  remote: .
  specs:
    cogbot (0.1.14)
      cinch (= 2.3.4)
      daemons (~> 1.2.6)
      eventmachine (~> 1.2.5)
      eventmachine_httpserver (~> 0.2.1)
      fortune_gem (~> 0.0.9)
      json (~> 2.1.0)
      nokogiri (~> 1.8.1)
      thor (~> 0.20.0)
      twitter (~> 6.2.0)
      yajl-ruby (~> 1.3.1)

GEM
  remote: https://rubygems.org/
  specs:
    addressable (2.5.2)
      public_suffix (>= 2.0.2, < 4.0)
    awesome_print (1.8.0)
    buftok (0.2.0)
    cinch (2.3.4)
    coderay (1.1.2)
    daemons (1.2.6)
    docile (1.1.5)
    domain_name (0.5.20170404)
      unf (>= 0.0.5, < 1.0.0)
    equalizer (0.0.11)
    eventmachine (1.2.5)
    eventmachine_httpserver (0.2.1)
    flog (4.6.1)
      path_expander (~> 1.0)
      ruby_parser (~> 3.1, > 3.1.0)
      sexp_processor (~> 4.8)
    fortune_gem (0.0.9)
    http (3.0.0)
      addressable (~> 2.3)
      http-cookie (~> 1.0)
      http-form_data (>= 2.0.0.pre.pre2, < 3)
      http_parser.rb (~> 0.6.0)
    http-cookie (1.0.3)
      domain_name (~> 0.5)
    http-form_data (2.0.0)
    http_parser.rb (0.6.0)
    json (2.1.0)
    memoizable (0.4.2)
      thread_safe (~> 0.3, >= 0.3.1)
    method_source (0.9.0)
    mini_portile2 (2.3.0)
    minitest (5.11.3)
    minitest-ci (3.4.0)
      minitest (>= 5.0.6)
    multipart-post (2.0.0)
    naught (1.1.0)
    nokogiri (1.8.1)
      mini_portile2 (~> 2.3.0)
    path_expander (1.0.2)
    pry (0.11.3)
      coderay (~> 1.1.0)
      method_source (~> 0.9.0)
    public_suffix (3.0.1)
    rake (12.3.0)
    ruby_parser (3.10.1)
      sexp_processor (~> 4.9)
    sexp_processor (4.10.0)
    simple_oauth (0.3.1)
    simplecov (0.15.1)
      docile (~> 1.1.0)
      json (>= 1.8, < 3)
      simplecov-html (~> 0.10.0)
    simplecov-html (0.10.2)
    simplecov-rcov (0.2.3)
      simplecov (>= 0.4.1)
    thor (0.20.0)
    thread_safe (0.3.6)
    twitter (6.2.0)
      addressable (~> 2.3)
      buftok (~> 0.2.0)
      equalizer (~> 0.0.11)
      http (~> 3.0)
      http-form_data (~> 2.0)
      http_parser.rb (~> 0.6.0)
      memoizable (~> 0.4.0)
      multipart-post (~> 2.0)
      naught (~> 1.0)
      simple_oauth (~> 0.3.0)
    unf (0.1.4)
      unf_ext
    unf_ext (0.0.7.4)
    yajl-ruby (1.3.1)

PLATFORMS
  ruby

DEPENDENCIES
  awesome_print
  cogbot!
  flog
  minitest
  minitest-ci
  pry
  rake
  simplecov
  simplecov-rcov

BUNDLED WITH
   1.16.1
