PATH
  remote: .
  specs:
    cogbot (0.1.7)
      cinch (= 2.3.1)
      daemons (~> 1.2.3)
      eventmachine (~> 1.2.0.1)
      eventmachine_httpserver (~> 0.2.1)
      fortune_gem (~> 0.0.8)
      json (~> 1.8.3)
      nokogiri (~> 1.6.7.1)
      thor (~> 0.19.1)
      twitter (~> 5.16.0)
      yajl-ruby (~> 1.2.1)

GEM
  remote: https://rubygems.org/
  specs:
    addressable (2.4.0)
    awesome_print (1.6.1)
    buftok (0.2.0)
    cinch (2.3.1)
    coderay (1.1.1)
    daemons (1.2.3)
    docile (1.1.5)
    domain_name (0.5.20160310)
      unf (>= 0.0.5, < 1.0.0)
    equalizer (0.0.10)
    eventmachine (1.2.0.1)
    eventmachine_httpserver (0.2.1)
    faraday (0.9.2)
      multipart-post (>= 1.2, < 3)
    flog (4.3.2)
      ruby_parser (~> 3.1, > 3.1.0)
      sexp_processor (~> 4.4)
    fortune_gem (0.0.8)
    http (1.0.4)
      addressable (~> 2.3)
      http-cookie (~> 1.0)
      http-form_data (~> 1.0.1)
      http_parser.rb (~> 0.6.0)
    http-cookie (1.0.2)
      domain_name (~> 0.5)
    http-form_data (1.0.1)
    http_parser.rb (0.6.0)
    json (1.8.3)
    memoizable (0.4.2)
      thread_safe (~> 0.3, >= 0.3.1)
    method_source (0.8.2)
    mini_portile2 (2.0.0)
    minitest (5.8.4)
    minitest-ci (3.0.3)
      minitest (~> 5.0, >= 5.0.6)
    multipart-post (2.0.0)
    naught (1.1.0)
    nokogiri (1.6.7.2)
      mini_portile2 (~> 2.0.0.rc2)
    pry (0.10.3)
      coderay (~> 1.1.0)
      method_source (~> 0.8.1)
      slop (~> 3.4)
    rake (11.1.2)
    ruby_parser (3.8.1)
      sexp_processor (~> 4.1)
    sexp_processor (4.7.0)
    simple_oauth (0.3.1)
    simplecov (0.11.2)
      docile (~> 1.1.0)
      json (~> 1.8)
      simplecov-html (~> 0.10.0)
    simplecov-html (0.10.0)
    simplecov-rcov (0.2.3)
      simplecov (>= 0.4.1)
    slop (3.6.0)
    thor (0.19.1)
    thread_safe (0.3.5)
    twitter (5.16.0)
      addressable (~> 2.3)
      buftok (~> 0.2.0)
      equalizer (= 0.0.10)
      faraday (~> 0.9.0)
      http (~> 1.0)
      http_parser.rb (~> 0.6.0)
      json (~> 1.8)
      memoizable (~> 0.4.0)
      naught (~> 1.0)
      simple_oauth (~> 0.3.0)
    unf (0.1.4)
      unf_ext
    unf_ext (0.0.7.2)
    yajl-ruby (1.2.1)

PLATFORMS
  ruby

DEPENDENCIES
  awesome_print
  cogbot!
  flog
  minitest
  minitest-ci
  pry
  rake
  simplecov
  simplecov-rcov

BUNDLED WITH
   1.11.2
