PATH
  remote: .
  specs:
    cogbot (0.0.1)
      cinch
      nokogiri
      twitter

GEM
  remote: https://rubygems.org/
  specs:
    cinch (2.0.2)
    faraday (0.8.1)
      multipart-post (~> 1.1)
    multi_json (1.3.5)
    multipart-post (1.1.5)
    nokogiri (1.5.3)
    rake (0.9.2.2)
    simple_oauth (0.1.8)
    twitter (2.5.0)
      faraday (~> 0.8)
      multi_json (~> 1.3)
      simple_oauth (~> 0.1.6)

PLATFORMS
  ruby

DEPENDENCIES
  cogbot!
  rake
