PATH
  remote: .
  specs:
    cogbot (0.0.1)
      cinch
      daemons
      eventmachine
      eventmachine_httpserver
      fortune_gem
      json
      nokogiri
      thor
      twitter
      yajl-ruby

GEM
  remote: https://rubygems.org/
  specs:
    cinch (2.0.2)
    daemons (1.1.8)
    eventmachine (0.12.10)
    eventmachine_httpserver (0.2.1)
    faraday (0.8.1)
      multipart-post (~> 1.1)
    fortune_gem (0.0.5)
    json (1.7.3)
    multi_json (1.3.5)
    multipart-post (1.1.5)
    nokogiri (1.5.3)
    rake (0.9.2.2)
    simple_oauth (0.1.8)
    thor (0.15.3)
    twitter (2.5.0)
      faraday (~> 0.8)
      multi_json (~> 1.3)
      simple_oauth (~> 0.1.6)
    yajl-ruby (1.1.0)

PLATFORMS
  ruby

DEPENDENCIES
  cogbot!
  rake
