PATH
  remote: .
  specs:
    cogbot (0.0.3)
      cinch (~> 2.0.6)
      daemons (~> 1.1.9)
      eventmachine (~> 1.0.3)
      eventmachine_httpserver (~> 0.2.1)
      fortune_gem (~> 0.0.6)
      json (~> 1.8.0)
      nokogiri (~> 1.6.0)
      thor (~> 0.18.1)
      twitter (~> 4.8.1)
      yajl-ruby (~> 1.1.0)

GEM
  remote: https://rubygems.org/
  specs:
    awesome_print (1.1.0)
    cinch (2.0.7)
    coderay (1.0.9)
    daemons (1.1.9)
    eventmachine (1.0.3)
    eventmachine_httpserver (0.2.1)
    faraday (0.8.8)
      multipart-post (~> 1.2.0)
    flog (4.1.1)
      ruby_parser (~> 3.1, > 3.1.0)
      sexp_processor (~> 4.0)
    fortune_gem (0.0.6)
    json (1.8.0)
    method_source (0.8.2)
    mini_portile (0.5.1)
    minitest (5.0.6)
    minitest-ci (3.0.1)
      minitest (~> 5.0, >= 5.0.6)
    multi_json (1.7.7)
    multipart-post (1.2.0)
    nokogiri (1.6.0)
      mini_portile (~> 0.5.0)
    pry (0.9.12.2)
      coderay (~> 1.0.5)
      method_source (~> 0.8)
      slop (~> 3.4)
    rake (10.1.0)
    ruby_parser (3.2.2)
      sexp_processor (~> 4.1)
    sexp_processor (4.2.1)
    simple_oauth (0.2.0)
    simplecov (0.7.1)
      multi_json (~> 1.0)
      simplecov-html (~> 0.7.1)
    simplecov-html (0.7.1)
    simplecov-rcov (0.2.3)
      simplecov (>= 0.4.1)
    slop (3.4.6)
    thor (0.18.1)
    twitter (4.8.1)
      faraday (~> 0.8, < 0.10)
      multi_json (~> 1.0)
      simple_oauth (~> 0.2)
    yajl-ruby (1.1.0)

PLATFORMS
  ruby

DEPENDENCIES
  awesome_print
  cogbot!
  flog
  minitest
  minitest-ci
  pry
  rake
  simplecov
  simplecov-rcov
