PATH
  remote: .
  specs:
    cogbot (0.0.1)
      cinch
      fortune_gem
      goliath
      json
      nokogiri
      twitter
      yajl-ruby

GEM
  remote: https://rubygems.org/
  specs:
    async-rack (0.5.1)
      rack (~> 1.1)
    cinch (2.0.2)
    em-synchrony (1.0.1)
      eventmachine (>= 1.0.0.beta.1)
    eventmachine (1.0.0.beta.4)
    faraday (0.8.1)
      multipart-post (~> 1.1)
    fortune_gem (0.0.5)
    goliath (0.9.4)
      async-rack
      em-synchrony (>= 1.0.0)
      eventmachine (>= 1.0.0.beta.3)
      http_parser.rb
      http_router (~> 0.9.0)
      log4r
      multi_json
      rack (>= 1.2.2)
      rack-contrib
      rack-respond_to
    http_parser.rb (0.5.3)
    http_router (0.9.7)
      rack (>= 1.0.0)
      url_mount (~> 0.2.1)
    json (1.7.3)
    log4r (1.1.10)
    multi_json (1.3.5)
    multipart-post (1.1.5)
    nokogiri (1.5.3)
    rack (1.4.1)
    rack-accept-media-types (0.9)
    rack-contrib (1.1.0)
      rack (>= 0.9.1)
    rack-respond_to (0.9.8)
      rack-accept-media-types (>= 0.6)
    rake (0.9.2.2)
    simple_oauth (0.1.8)
    twitter (2.5.0)
      faraday (~> 0.8)
      multi_json (~> 1.3)
      simple_oauth (~> 0.1.6)
    url_mount (0.2.1)
      rack
    yajl-ruby (1.1.0)

PLATFORMS
  ruby

DEPENDENCIES
  cogbot!
  rake
