PATH
  remote: .
  specs:
    cogbot (0.0.1)
      cinch
      daemons
      eventmachine
      eventmachine_httpserver
      fortune_gem
      json
      nokogiri
      thor
      twitter
      yajl-ruby

GEM
  remote: https://rubygems.org/
  specs:
    cinch (2.0.3)
    daemons (1.1.9)
    eventmachine (1.0.0)
    eventmachine_httpserver (0.2.1)
    faraday (0.8.4)
      multipart-post (~> 1.1)
    fortune_gem (0.0.5)
    json (1.7.5)
    multi_json (1.4.0)
    multipart-post (1.1.5)
    nokogiri (1.5.5)
    rake (10.0.2)
    simple_oauth (0.1.9)
    thor (0.16.0)
    twitter (4.4.0)
      faraday (~> 0.8)
      multi_json (~> 1.3)
      simple_oauth (~> 0.1.6)
    yajl-ruby (1.1.0)

PLATFORMS
  ruby

DEPENDENCIES
  cogbot!
  rake
